GEM
  remote: https://rubygems.org/
  specs:
    ast (2.4.2)
    commander (4.6.0)
      highline (~> 2.0.0)
    diff-lcs (1.4.4)
    highline (2.0.3)
    mustermann (1.1.1)
      ruby2_keywords (~> 0.0.1)
    nio4r (2.5.7)
    parlour (5.0.0)
      commander (~> 4.5)
      parser
      rainbow (~> 3.0)
      sorbet-runtime (>= 0.5)
    parser (3.0.1.0)
      ast (~> 2.4.1)
    puma (5.2.2)
      nio4r (~> 2.0)
    rack (2.2.3)
    rack-protection (2.1.0)
      rack
    rack-test (1.1.0)
      rack (>= 1.0, < 3)
    rainbow (3.0.0)
    rspec (3.10.0)
      rspec-core (~> 3.10.0)
      rspec-expectations (~> 3.10.0)
      rspec-mocks (~> 3.10.0)
    rspec-core (3.10.1)
      rspec-support (~> 3.10.0)
    rspec-expectations (3.10.1)
      diff-lcs (>= 1.2.0, < 2.0)
      rspec-support (~> 3.10.0)
    rspec-mocks (3.10.2)
      diff-lcs (>= 1.2.0, < 2.0)
      rspec-support (~> 3.10.0)
    rspec-support (3.10.2)
    ruby2_keywords (0.0.4)
    sinatra (2.1.0)
      mustermann (~> 1.0)
      rack (~> 2.2)
      rack-protection (= 2.1.0)
      tilt (~> 2.0)
    sorbet-runtime (0.5.6380)
    sord (3.0.1)
      commander (~> 4.5)
      parlour (~> 5.0)
      sorbet-runtime
      yard
    tilt (2.0.10)
    yard (0.9.26)

PLATFORMS
  x86_64-linux

DEPENDENCIES
  puma
  rack-test
  rspec
  sinatra
  sord
  yard

BUNDLED WITH
   2.2.3
